GEM
  remote: https://rubygems.org/
  specs:
    coderay (1.1.0)
    curb (0.8.5)
    daemons (1.1.9)
    erubis (2.7.0)
    eventmachine (1.0.3)
    git (1.2.6)
    git_time_extractor (0.2.1)
      git
      logger
    hiredis (0.4.5)
    interception (0.4)
    logger (1.2.8)
    method_source (0.8.2)
    multi_json (1.8.4)
    pry (0.9.12.6)
      coderay (~> 1.0)
      method_source (~> 0.8)
      slop (~> 3.4)
    pry-rescue (1.3.1)
      interception (>= 0.4)
      pry
    rack (1.5.2)
    rack-protection (1.5.2)
      rack
    rack-test (0.6.2)
      rack (>= 1.0)
    racksh (1.0.0)
      rack (>= 1.0)
      rack-test (>= 0.5)
    redis (3.0.7)
    shotgun (0.9)
      rack (>= 1.0)
    sinatra (1.4.4)
      rack (~> 1.4)
      rack-protection (~> 1.4)
      tilt (~> 1.3, >= 1.3.4)
    slop (3.4.7)
    thin (1.6.1)
      daemons (>= 1.0.9)
      eventmachine (>= 1.0.0)
      rack (>= 1.0.0)
    tilt (1.4.1)

PLATFORMS
  ruby

DEPENDENCIES
  curb
  erubis
  git_time_extractor
  hiredis
  multi_json
  pry
  pry-rescue
  racksh
  redis
  shotgun
  sinatra
  thin
